PATH
  remote: .
  specs:
    basecustom (1.0.2)

GEM
  remote: https://rubygems.org/
  specs:
    power_assert (0.2.2)
    rake (10.4.2)
    test-unit (3.0.8)
      power_assert

PLATFORMS
  ruby

DEPENDENCIES
  basecustom!
  rake
  test-unit

BUNDLED WITH
   1.11.2
